GEM
  remote: https://rubygems.org/
  specs:
    chunky_png (1.3.5)
    faraday (0.9.2)
      multipart-post (>= 1.2, < 3)
    indico (0.9.3)
      inifile (~> 3.0.0)
      oily_png (~> 1.2.0)
    inifile (3.0.0)
    multipart-post (2.0.0)
    oily_png (1.2.0)
      chunky_png (~> 1.3.1)

PLATFORMS
  ruby

DEPENDENCIES
  faraday (~> 0.9.2)
  indico (~> 0.9.3)

BUNDLED WITH
   1.11.2
